GEM
  remote: http://rubygems.org/
  specs:
    activesupport (3.2.8)
      i18n (~> 0.6)
      multi_json (~> 1.0)
    archive-tar-minitar (0.5.2)
    erubis (2.7.0)
    ffi (1.1.5)
    git (1.2.5)
    i18n (0.6.1)
    jeweler (1.8.4)
      bundler (~> 1.0)
      git (>= 1.2.5)
      rake
      rdoc
    json (1.7.5)
    mario (0.0.6)
    multi_json (1.3.6)
    net-scp (1.0.4)
      net-ssh (>= 1.99.1)
    net-ssh (2.6.1)
    rack (1.4.1)
    rack-protection (1.2.0)
      rack
    rake (0.9.2.2)
    rdoc (3.12)
      json (~> 1.4)
    redis (3.0.2)
    redis-namespace (1.2.1)
      redis (~> 3.0.0)
    resque (1.23.0)
      multi_json (~> 1.0)
      redis-namespace (~> 1.0)
      sinatra (>= 0.9.2)
      vegas (~> 0.1.2)
    shoulda (3.3.2)
      shoulda-context (~> 1.0.1)
      shoulda-matchers (~> 1.4.1)
    shoulda-context (1.0.1)
    shoulda-matchers (1.4.1)
      activesupport (>= 3.0.0)
    sinatra (1.3.3)
      rack (~> 1.3, >= 1.3.6)
      rack-protection (~> 1.2)
      tilt (~> 1.3, >= 1.3.3)
    tilt (1.3.3)
    vagrant (0.5.4)
      archive-tar-minitar (= 0.5.2)
      erubis (>= 2.6.6)
      json (>= 1.4.3)
      mario (~> 0.0.6)
      net-scp (>= 1.0.2)
      net-ssh (>= 2.0.19)
      virtualbox (~> 0.7.3)
    vegas (0.1.11)
      rack (>= 1.0.0)
    virtualbox (0.7.5)
      ffi (>= 0.6.3)

PLATFORMS
  ruby

DEPENDENCIES
  bundler
  ffi (= 1.1.5)
  jeweler (~> 1.8.4)
  resque
  shoulda
  vagrant
