GIT
  remote: git://github.com/avokhmin/redis-rb.git
  revision: 2d24ae5b3a177202cc54562b07e89f5fecb78a98
  branch: 735-reconnect-on-timeout-error
  specs:
    redis (3.0.2)

GIT
  remote: git://github.com/avokhmin/resque.git
  revision: cffe4a06fc836d8b03e6e76463edb7d351c11b45
  branch: master
  specs:
    resque (2.0.0.pre.1)
      json
      redis-namespace (~> 1.0)
      sinatra (>= 0.9.2)
      vegas (~> 0.1.2)

GIT
  remote: git://github.com/avokhmin/sahara.git
  revision: f26b169779681b8a7fd1b76eadc29a140810354e
  branch: update-to-vagrant-1.1.0
  specs:
    sahara (0.0.13)
      popen4 (~> 0.1.2)
      thor (> 0.14)
      vagrant (~> 1.0)

GIT
  remote: git://github.com/avokhmin/vagrant.git
  revision: 2379d0f767ca2ea62701032cb7011977ebec3a1d
  branch: abf-worker
  specs:
    vagrant (1.1.0.dev)
      archive-tar-minitar (= 0.5.2)
      childprocess (~> 0.3.1)
      erubis (~> 2.7.0)
      i18n (~> 0.6.0)
      json (~> 1.6.6)
      log4r (~> 1.1.9)
      net-scp (~> 1.0.4)
      net-ssh (~> 2.2.2)

GIT
  remote: git://github.com/avokhmin/veewee.git
  revision: 687e7eb2a0d89accf91b0e545ede9550ec786df2
  branch: rosa-linux
  specs:
    veewee (0.3.1)
      ansi (~> 1.3.0)
      childprocess
      cucumber (>= 1.0.0)
      fission (= 0.4.0)
      fog (~> 1.4)
      grit
      highline
      i18n
      net-ssh (~> 2.2.0)
      popen4 (~> 0.1.2)
      progressbar
      rspec (~> 2.5)
      ruby-vnc (~> 1.0.0)
      thor (> 0.14)
      vagrant (>= 0.9)

GEM
  remote: http://rubygems.org/
  specs:
    CFPropertyList (2.0.17)
      libxml-ruby (>= 1.1.0)
      rake (>= 0.7.0)
    Platform (0.4.0)
    airbrake (3.1.6)
      builder
      girl_friday
    ansi (1.3.0)
    api_smith (1.2.0)
      hashie (~> 1.0)
      httparty
      net-http-persistent
    archive-tar-minitar (0.5.2)
    builder (3.1.4)
    cape (1.6.0)
    capistrano (2.14.1)
      highline
      net-scp (>= 1.0.0)
      net-sftp (>= 2.0.0)
      net-ssh (>= 2.0.14)
      net-ssh-gateway (>= 1.1.0)
    capistrano_colors (0.5.5)
    childprocess (0.3.7)
      ffi (~> 1.0, >= 1.0.6)
    connection_pool (1.0.0)
    cucumber (1.2.1)
      builder (>= 2.1.2)
      diff-lcs (>= 1.1.3)
      gherkin (~> 2.11.0)
      json (>= 1.4.6)
    diff-lcs (1.1.3)
    erubis (2.7.0)
    excon (0.16.10)
    ffi (1.3.1)
    fission (0.4.0)
      CFPropertyList (~> 2.0.17)
    fog (1.9.0)
      builder
      excon (~> 0.14)
      formatador (~> 0.2.0)
      mime-types
      multi_json (~> 1.0)
      net-scp (~> 1.0.4)
      net-ssh (>= 2.1.3)
      nokogiri (~> 1.5.0)
      ruby-hmac
    formatador (0.2.4)
    gherkin (2.11.5)
      json (>= 1.4.6)
    girl_friday (0.11.2)
      connection_pool (~> 1.0)
      rubinius-actor
    grit (2.5.0)
      diff-lcs (~> 1.1)
      mime-types (~> 1.15)
      posix-spawn (~> 0.3.6)
    hashie (1.2.0)
    highline (1.6.15)
    httparty (0.10.0)
      multi_json (~> 1.0)
      multi_xml
    i18n (0.6.1)
    json (1.6.7)
    libxml-ruby (2.4.0)
    log4r (1.1.10)
    mime-types (1.19)
    multi_json (1.5.0)
    multi_xml (0.5.2)
    net-http-persistent (2.8)
    net-scp (1.0.4)
      net-ssh (>= 1.99.1)
    net-sftp (2.0.5)
      net-ssh (>= 2.0.9)
    net-ssh (2.2.2)
    net-ssh-gateway (1.1.0)
      net-ssh (>= 1.99.1)
    nokogiri (1.5.6)
    open4 (1.3.0)
    popen4 (0.1.2)
      Platform (>= 0.4.0)
      open4 (>= 0.4.0)
    posix-spawn (0.3.6)
    progressbar (0.12.0)
    rack (1.4.4)
    rack-protection (1.3.2)
      rack
    rake (10.0.3)
    redis-namespace (1.2.1)
      redis (~> 3.0.0)
    rspec (2.12.0)
      rspec-core (~> 2.12.0)
      rspec-expectations (~> 2.12.0)
      rspec-mocks (~> 2.12.0)
    rspec-core (2.12.2)
    rspec-expectations (2.12.1)
      diff-lcs (~> 1.1.3)
    rspec-mocks (2.12.1)
    rubinius-actor (0.0.2)
      rubinius-core-api
    rubinius-core-api (0.0.1)
    ruby-hmac (0.4.0)
    ruby-vnc (1.0.1)
    rvm-capistrano (1.2.7)
      capistrano (>= 2.0.0)
    sinatra (1.3.3)
      rack (~> 1.3, >= 1.3.6)
      rack-protection (~> 1.2)
      tilt (~> 1.3, >= 1.3.3)
    thor (0.16.0)
    tilt (1.3.3)
    vegas (0.1.11)
      rack (>= 1.0.0)

PLATFORMS
  ruby

DEPENDENCIES
  airbrake (~> 3.1.6)
  api_smith (= 1.2.0)
  cape
  capistrano
  capistrano_colors
  log4r (= 1.1.10)
  rake
  redis!
  resque!
  rvm-capistrano
  sahara!
  vagrant!
  veewee (= 0.3.1)!
